GEM
  remote: http://rubygems.org/
  specs:
    rack (1.3.2)
    serve-this (0.0.5)
      rack

PLATFORMS
  ruby

DEPENDENCIES
  serve-this
